GEM
  remote: https://rubygems.org/
  specs:
    pastel (0.8.0)
      tty-color (~> 0.5)
    require_all (3.0.0)
    terminal-table (2.0.0)
      unicode-display_width (~> 1.1, >= 1.1.1)
    tty-color (0.6.0)
    tty-cursor (0.7.1)
    tty-prompt (0.22.0)
      pastel (~> 0.8)
      tty-reader (~> 0.8)
    tty-reader (0.9.0)
      tty-cursor (~> 0.7)
      tty-screen (~> 0.8)
      wisper (~> 2.0)
    tty-screen (0.8.1)
    unicode-display_width (1.7.0)
    wisper (2.0.1)

PLATFORMS
  ruby

DEPENDENCIES
  require_all
  terminal-table
  tty-prompt

BUNDLED WITH
   2.1.4
